GEM
  remote: https://rubygems.org/
  specs:
    amazon-ecs (2.5.0)
      nokogiri (~> 1.4)
      ruby-hmac (~> 0.3)
    blankslate (2.1.2.4)
    chunky_png (1.3.8)
    classifier (1.3.4)
      fast-stemmer (>= 1.0.0)
    colorator (0.1)
    commander (4.1.6)
      highline (~> 1.6.11)
    compass (1.0.3)
      chunky_png (~> 1.2)
      compass-core (~> 1.0.2)
      compass-import-once (~> 1.0.5)
      rb-fsevent (>= 0.9.3)
      rb-inotify (>= 0.9)
      sass (>= 3.3.13, < 3.5)
    compass-core (1.0.3)
      multi_json (~> 1.0)
      sass (>= 3.3.0, < 3.5)
    compass-import-once (1.0.5)
      sass (>= 3.2, < 3.5)
    fast-stemmer (1.0.2)
    ffi (1.9.18)
    highline (1.6.21)
    hparser (0.4.3)
    jekyll (1.5.1)
      classifier (~> 1.3)
      colorator (~> 0.1)
      commander (~> 4.1.3)
      liquid (~> 2.5.5)
      listen (~> 1.3)
      maruku (= 0.7.0)
      pygments.rb (~> 0.5.0)
      redcarpet (~> 2.3.0)
      safe_yaml (~> 1.0)
      toml (~> 0.1.0)
    liquid (2.5.5)
    listen (1.3.1)
      rb-fsevent (>= 0.9.3)
      rb-inotify (>= 0.9)
      rb-kqueue (>= 0.2)
    maruku (0.7.0)
    mini_portile2 (2.3.0)
    multi_json (1.12.2)
    nokogiri (1.8.1)
      mini_portile2 (~> 2.3.0)
    parslet (1.5.0)
      blankslate (~> 2.0)
    posix-spawn (0.3.13)
    pygments.rb (0.5.4)
      posix-spawn (~> 0.3.6)
      yajl-ruby (~> 1.1.0)
    rb-fsevent (0.10.2)
    rb-inotify (0.9.10)
      ffi (>= 0.5.0, < 2)
    rb-kqueue (0.2.5)
      ffi (>= 0.5.0)
    redcarpet (2.3.0)
    ruby-hmac (0.4.0)
    safe_yaml (1.0.4)
    sass (3.4.25)
    sequel (5.2.0)
    toml (0.1.2)
      parslet (~> 1.5.0)
    yajl-ruby (1.1.0)

PLATFORMS
  ruby

DEPENDENCIES
  amazon-ecs
  compass
  hparser
  jekyll (~> 1.5.0)
  redcarpet
  sequel

BUNDLED WITH
   1.16.0
